GIT
  remote: https://github.com/cinchrb/cinch.git
  revision: a78bfad4adea7498fcfefc2f1acf84d5e70bcb9c
  specs:
    cinch (2.0.9)

GEM
  remote: https://rubygems.org/
  specs:
    celluloid (0.15.1)
      timers (~> 1.1.0)
    celluloid-io (0.15.0)
      celluloid (>= 0.15.0)
      nio4r (>= 0.5.0)
    celluloid-redis (0.0.2)
      celluloid-io (>= 0.13.0.pre)
      redis
    json (1.8.0)
    nio4r (0.5.0)
    redis (3.0.4)
    timers (1.1.0)
    trollop (2.0)
    uuidtools (2.1.4)

PLATFORMS
  ruby

DEPENDENCIES
  celluloid
  celluloid-redis
  cinch!
  json
  redis
  trollop
  uuidtools
