GIT
  remote: https://github.com/cinchrb/cinch.git
  revision: a78bfad4adea7498fcfefc2f1acf84d5e70bcb9c
  specs:
    cinch (2.0.9)

GEM
  remote: https://rubygems.org/
  specs:
    celluloid (0.15.0)
      timers (~> 1.1.0)
    connection_pool (1.1.0)
    json (1.8.0)
    redis (3.0.4)
    redis-namespace (1.3.1)
      redis (~> 3.0.0)
    sidekiq (2.14.0)
      celluloid (>= 0.14.1)
      connection_pool (>= 1.0.0)
      json
      redis (>= 3.0.4)
      redis-namespace
    timers (1.1.0)
    trollop (2.0)
    uuidtools (2.1.4)

PLATFORMS
  ruby

DEPENDENCIES
  cinch!
  redis-namespace
  sidekiq
  trollop
  uuidtools
