GIT
  remote: https://github.com/cinchrb/cinch.git
  revision: a78bfad4adea7498fcfefc2f1acf84d5e70bcb9c
  specs:
    cinch (2.0.9)

GEM
  remote: https://rubygems.org/
  specs:
    redis (3.0.4)
    trollop (2.0)
    uuidtools (2.1.4)

PLATFORMS
  ruby

DEPENDENCIES
  cinch!
  redis
  trollop
  uuidtools
