GIT
  remote: https://github.com/cinchrb/cinch.git
  revision: a78bfad4adea7498fcfefc2f1acf84d5e70bcb9c
  specs:
    cinch (2.0.9)

GEM
  remote: https://rubygems.org/
  specs:
    capybara (2.1.0)
      mime-types (>= 1.16)
      nokogiri (>= 1.3.3)
      rack (>= 1.0.0)
      rack-test (>= 0.5.4)
      xpath (~> 2.0)
    celluloid (0.15.0)
      timers (~> 1.1.0)
    cliver (0.2.1)
    connection_pool (1.1.0)
    json (1.8.0)
    mime-types (1.25)
    mini_portile (0.5.1)
    multi_json (1.7.9)
    nokogiri (1.6.0)
      mini_portile (~> 0.5.0)
    poltergeist (1.4.1)
      capybara (~> 2.1.0)
      cliver (~> 0.2.1)
      multi_json (~> 1.0)
      websocket-driver (>= 0.2.0)
    rack (1.5.2)
    rack-test (0.6.2)
      rack (>= 1.0)
    redis (3.0.4)
    redis-namespace (1.3.1)
      redis (~> 3.0.0)
    sidekiq (2.14.0)
      celluloid (>= 0.14.1)
      connection_pool (>= 1.0.0)
      json
      redis (>= 3.0.4)
      redis-namespace
    timers (1.1.0)
    trollop (2.0)
    uuidtools (2.1.4)
    websocket-driver (0.2.3)
    xpath (2.0.0)
      nokogiri (~> 1.3)

PLATFORMS
  ruby

DEPENDENCIES
  capybara
  cinch!
  poltergeist
  redis-namespace
  sidekiq
  trollop
  uuidtools
